GEM
  remote: http://rubygems.org/
  specs:
    diff-lcs (1.1.2)
    eventmachine (0.12.10)
    json_pure (1.4.6)
    rack (1.2.1)
    rspec (2.3.0)
      rspec-core (~> 2.3.0)
      rspec-expectations (~> 2.3.0)
      rspec-mocks (~> 2.3.0)
    rspec-core (2.3.1)
    rspec-expectations (2.3.0)
      diff-lcs (~> 1.1.2)
    rspec-mocks (2.3.0)
    therubyracer (0.8.0)
    thor (0.14.3)

PLATFORMS
  ruby

DEPENDENCIES
  eventmachine (= 0.12.10)
  json_pure (= 1.4.6)
  rack (= 1.2.1)
  rspec
  therubyracer (= 0.8.0)
  thor (= 0.14.3)
