GEM
  remote: http://rubygems.org/
  specs:
    diff-lcs (1.1.2)
    eventmachine (0.12.10)
    eventmachine (0.12.10-java)
    highline (1.6.1)
    json_pure (1.4.6)
    rack (1.2.1)
    rspec (2.5.0)
      rspec-core (~> 2.5.0)
      rspec-expectations (~> 2.5.0)
      rspec-mocks (~> 2.5.0)
    rspec-core (2.5.1)
    rspec-expectations (2.5.0)
      diff-lcs (~> 1.1.2)
    rspec-mocks (2.5.0)
    system_timer (1.0)
    therubyracer (0.8.0)
    thor (0.14.3)

PLATFORMS
  java
  ruby

DEPENDENCIES
  eventmachine (= 0.12.10)
  highline (= 1.6.1)
  json_pure (= 1.4.6)
  rack (= 1.2.1)
  rspec
  system_timer
  therubyracer (= 0.8.0)
  thor (= 0.14.3)
