PATH
  remote: .
  specs:
    spade (0.0.7)
      childlabor (~> 0.0.3)
      eventmachine (~> 0.12.10)
      gemcutter (~> 0.6.1)
      highline (~> 1.6.1)
      json_pure (~> 1.4.6)
      rack (~> 1.2.1)
      therubyracer (~> 0.8.0)
      thor (~> 0.14.3)

GEM
  remote: http://rubygems.org/
  specs:
    childlabor (0.0.3)
    diff-lcs (1.1.2)
    eventmachine (0.12.10)
    gemcutter (0.6.1)
    highline (1.6.1)
    json_pure (1.4.6)
    rack (1.2.2)
    rspec (2.5.0)
      rspec-core (~> 2.5.0)
      rspec-expectations (~> 2.5.0)
      rspec-mocks (~> 2.5.0)
    rspec-core (2.5.1)
    rspec-expectations (2.5.0)
      diff-lcs (~> 1.1.2)
    rspec-mocks (2.5.0)
    therubyracer (0.8.1)
    thor (0.14.6)

PLATFORMS
  ruby

DEPENDENCIES
  rspec
  spade!
