GIT
  remote: git://github.com/strobecorp/libgems.git
  revision: a176cde56e4c1632678583a98220bb0dbf714e4c
  specs:
    libgems (1.3.8)

PATH
  remote: .
  specs:
    spade-packager (0.1.0)
      childlabor (~> 0.0.3)
      eventmachine (~> 0.12.10)
      gemcutter (~> 0.6.1)
      highline (~> 1.6.1)
      json_pure (~> 1.4.6)
      libgems
      rack (~> 1.2.1)
      thor (~> 0.14.3)

GEM
  remote: http://rubygems.org/
  specs:
    childlabor (0.0.3)
    diff-lcs (1.1.2)
    eventmachine (0.12.10)
    gemcutter (0.6.1)
    highline (1.6.2)
    json_pure (1.4.6)
    rack (1.2.3)
    rspec (2.6.0)
      rspec-core (~> 2.6.0)
      rspec-expectations (~> 2.6.0)
      rspec-mocks (~> 2.6.0)
    rspec-core (2.6.3)
    rspec-expectations (2.6.0)
      diff-lcs (~> 1.1.2)
    rspec-mocks (2.6.0)
    thor (0.14.6)

PLATFORMS
  ruby

DEPENDENCIES
  libgems!
  rspec
  spade-packager!
