PATH
  remote: .
  specs:
    spade-packager (0.1.0)
      eventmachine (~> 0.12.10)
      gemcutter (~> 0.6.1)
      highline (~> 1.6.1)
      json_pure (~> 1.4.6)
      libgems
      rack (~> 1.2.1)
      thor (~> 0.14.3)

GEM
  remote: http://rubygems.org/
  specs:
    diff-lcs (1.1.2)
    eventmachine (0.12.10)
    gemcutter (0.6.1)
    highline (1.6.2)
    json_pure (1.4.6)
    libgems (0.0.1)
    rack (1.2.3)
    rspec (2.6.0)
      rspec-core (~> 2.6.0)
      rspec-expectations (~> 2.6.0)
      rspec-mocks (~> 2.6.0)
    rspec-core (2.6.3)
    rspec-expectations (2.6.0)
      diff-lcs (~> 1.1.2)
    rspec-mocks (2.6.0)
    thor (0.14.6)

PLATFORMS
  ruby

DEPENDENCIES
  rspec
  spade-packager!
